GIT
  remote: git://github.com/drapergem/draper.git
  revision: 45e18569d9631710f889d75d49f971fb60d5cbcd
  specs:
    draper (3.0.0.pre1)
      actionpack (~> 5.0)
      activemodel (~> 5.0)
      activemodel-serializers-xml (~> 1.0)
      activesupport (~> 5.0)
      request_store (~> 1.0)

GIT
  remote: git://github.com/sinatra/sinatra.git
  revision: 1b0edc0aeaaf4839cadfcec1b21da86e6af1d4c0
  specs:
    sinatra (2.0.0.beta2)
      mustermann (= 1.0.0.beta2)
      rack (~> 2.0)
      rack-protection (= 2.0.0.beta2)
      tilt (~> 2.0)

GIT
  remote: https://github.com/bbatsov/rubocop.git
  revision: a3b5ca32b0940895985cfb66784d977413dbac82
  specs:
    rubocop (0.42.0)
      parser (>= 2.3.1.1, < 3.0)
      powerpack (~> 0.1)
      rainbow (>= 1.99.1, < 3.0)
      ruby-progressbar (~> 1.7)
      unicode-display_width (~> 1.0, >= 1.0.1)

PATH
  remote: vendor/admin
  specs:
    admin (0.0.1)
      rails (~> 5.0.0.rc1)

GEM
  remote: https://rubygems.org/
  specs:
    actioncable (5.0.0.1)
      actionpack (= 5.0.0.1)
      nio4r (~> 1.2)
      websocket-driver (~> 0.6.1)
    actionmailer (5.0.0.1)
      actionpack (= 5.0.0.1)
      actionview (= 5.0.0.1)
      activejob (= 5.0.0.1)
      mail (~> 2.5, >= 2.5.4)
      rails-dom-testing (~> 2.0)
    actionpack (5.0.0.1)
      actionview (= 5.0.0.1)
      activesupport (= 5.0.0.1)
      rack (~> 2.0)
      rack-test (~> 0.6.3)
      rails-dom-testing (~> 2.0)
      rails-html-sanitizer (~> 1.0, >= 1.0.2)
    actionview (5.0.0.1)
      activesupport (= 5.0.0.1)
      builder (~> 3.1)
      erubis (~> 2.7.0)
      rails-dom-testing (~> 2.0)
      rails-html-sanitizer (~> 1.0, >= 1.0.2)
    activejob (5.0.0.1)
      activesupport (= 5.0.0.1)
      globalid (>= 0.3.6)
    activemodel (5.0.0.1)
      activesupport (= 5.0.0.1)
    activemodel-serializers-xml (1.0.1)
      activemodel (> 5.x)
      activerecord (> 5.x)
      activesupport (> 5.x)
      builder (~> 3.1)
    activerecord (5.0.0.1)
      activemodel (= 5.0.0.1)
      activesupport (= 5.0.0.1)
      arel (~> 7.0)
    activesupport (5.0.0.1)
      concurrent-ruby (~> 1.0, >= 1.0.2)
      i18n (~> 0.7)
      minitest (~> 5.1)
      tzinfo (~> 1.1)
    addressable (2.4.0)
    arel (7.1.1)
    ast (2.3.0)
    autoprefixer-rails (6.4.0.3)
      execjs
    axiom-types (0.1.1)
      descendants_tracker (~> 0.0.4)
      ice_nine (~> 0.11.0)
      thread_safe (~> 0.3, >= 0.3.1)
    better_errors (2.1.1)
      coderay (>= 1.0.0)
      erubis (>= 2.6.6)
      rack (>= 0.9.0)
    binding_of_caller (0.7.2)
      debug_inspector (>= 0.0.1)
    bootstrap-sass (3.3.7)
      autoprefixer-rails (>= 5.2.1)
      sass (>= 3.3.4)
    bootstrap3-datetimepicker-rails (4.17.37)
      momentjs-rails (>= 2.8.1)
    builder (3.2.2)
    coderay (1.1.1)
    coercible (1.0.0)
      descendants_tracker (~> 0.0.1)
    coffee-rails (4.2.1)
      coffee-script (>= 2.2.0)
      railties (>= 4.0.0, < 5.2.x)
    coffee-script (2.4.1)
      coffee-script-source
      execjs
    coffee-script-source (1.10.0)
    concurrent-ruby (1.0.2)
    connection_pool (2.2.0)
    crack (0.4.3)
      safe_yaml (~> 1.0.0)
    daemons (1.2.4)
    debug_inspector (0.0.2)
    descendants_tracker (0.0.4)
      thread_safe (~> 0.3, >= 0.3.1)
    diff-lcs (1.2.5)
    dotenv (2.1.1)
    dotenv-rails (2.1.1)
      dotenv (= 2.1.1)
      railties (>= 4.0, < 5.1)
    equalizer (0.0.11)
    erubis (2.7.0)
    execjs (2.7.0)
    factory_girl (4.7.0)
      activesupport (>= 3.0.0)
    factory_girl_rails (4.7.0)
      factory_girl (~> 4.7.0)
      railties (>= 3.0.0)
    ffi (1.9.14)
    ffi-compiler (1.0.1)
      ffi (>= 1.0.0)
      rake
    font-awesome-sass (4.6.2)
      sass (>= 3.2)
    globalid (0.3.7)
      activesupport (>= 4.1.0)
    hashdiff (0.3.0)
    i18n (0.7.0)
    ice_nine (0.11.2)
    image_size (1.4.2)
    jbuilder (2.6.0)
      activesupport (>= 3.0.0, < 5.1)
      multi_json (~> 1.2)
    jquery-rails (4.2.1)
      rails-dom-testing (>= 1, < 3)
      railties (>= 4.2.0)
      thor (>= 0.14, < 2.0)
    json (1.8.3)
    kaminari (0.17.0)
      actionpack (>= 3.0.0)
      activesupport (>= 3.0.0)
    kgio (2.10.0)
    launchy (2.4.3)
      addressable (~> 2.3)
    letter_opener (1.4.1)
      launchy (~> 2.2)
    loofah (2.0.3)
      nokogiri (>= 1.5.9)
    mail (2.6.4)
      mime-types (>= 1.16, < 4)
    method_source (0.8.2)
    mime-types (3.1)
      mime-types-data (~> 3.2015)
    mime-types-data (3.2016.0521)
    mini_portile2 (2.1.0)
    minitest (5.9.0)
    momentjs-rails (2.11.1)
      railties (>= 3.1)
    multi_json (1.12.1)
    mustermann (1.0.0.beta2)
    nio4r (1.2.1)
    nokogiri (1.6.8)
      mini_portile2 (~> 2.1.0)
      pkg-config (~> 1.1.7)
    parser (2.3.1.2)
      ast (~> 2.2)
    pg (0.18.4)
    pkg-config (1.1.7)
    powerpack (0.1.1)
    puma (3.6.0)
    rack (2.0.1)
    rack-protection (2.0.0.beta2)
      rack
    rack-test (0.6.3)
      rack (>= 1.0)
    rails (5.0.0.1)
      actioncable (= 5.0.0.1)
      actionmailer (= 5.0.0.1)
      actionpack (= 5.0.0.1)
      actionview (= 5.0.0.1)
      activejob (= 5.0.0.1)
      activemodel (= 5.0.0.1)
      activerecord (= 5.0.0.1)
      activesupport (= 5.0.0.1)
      bundler (>= 1.3.0, < 2.0)
      railties (= 5.0.0.1)
      sprockets-rails (>= 2.0.0)
    rails-dom-testing (2.0.1)
      activesupport (>= 4.2.0, < 6.0)
      nokogiri (~> 1.6.0)
    rails-html-sanitizer (1.0.3)
      loofah (~> 2.0)
    railties (5.0.0.1)
      actionpack (= 5.0.0.1)
      activesupport (= 5.0.0.1)
      method_source
      rake (>= 0.8.7)
      thor (>= 0.18.1, < 2.0)
    rainbow (2.1.0)
    raindrops (0.17.0)
    rake (11.2.2)
    rdoc (4.2.2)
      json (~> 1.4)
    redis (3.3.1)
    request_store (1.3.1)
    rspec-core (3.5.2)
      rspec-support (~> 3.5.0)
    rspec-expectations (3.5.0)
      diff-lcs (>= 1.2.0, < 2.0)
      rspec-support (~> 3.5.0)
    rspec-mocks (3.5.0)
      diff-lcs (>= 1.2.0, < 2.0)
      rspec-support (~> 3.5.0)
    rspec-rails (3.5.2)
      actionpack (>= 3.0)
      activesupport (>= 3.0)
      railties (>= 3.0)
      rspec-core (~> 3.5.0)
      rspec-expectations (~> 3.5.0)
      rspec-mocks (~> 3.5.0)
      rspec-support (~> 3.5.0)
    rspec-support (3.5.0)
    rubocop-rspec (1.7.0)
      rubocop (>= 0.42.0)
    ruby-progressbar (1.8.1)
    rufus-scheduler (3.1.10)
    russian (0.6.0)
      i18n (>= 0.5.0)
    safe_yaml (1.0.4)
    sass (3.4.22)
    sass-rails (5.0.6)
      railties (>= 4.0.0, < 6)
      sass (~> 3.1)
      sprockets (>= 2.8, < 4.0)
      sprockets-rails (>= 2.0, < 4.0)
      tilt (>= 1.1, < 3)
    scrypt (3.0.3)
      ffi-compiler (>= 1.0.0)
      rake
    sdoc (0.4.1)
      json (~> 1.7, >= 1.7.7)
      rdoc (~> 4.0)
    sidekiq (4.1.4)
      concurrent-ruby (~> 1.0)
      connection_pool (~> 2.2, >= 2.2.0)
      redis (~> 3.2, >= 3.2.1)
      sinatra (>= 1.4.7)
    sidekiq-scheduler (2.0.8)
      multi_json (~> 1)
      redis (~> 3)
      rufus-scheduler (~> 3.1.8)
      sidekiq (>= 3)
      tilt (>= 1.4.0)
    simple_form (3.3.1)
      actionpack (> 4, < 5.1)
      activemodel (> 4, < 5.1)
    slim (3.0.7)
      temple (~> 0.7.6)
      tilt (>= 1.3.3, < 2.1)
    slim-rails (3.1.1)
      actionpack (>= 3.1)
      railties (>= 3.1)
      slim (~> 3.0)
    spring (1.7.2)
    spring-commands-rspec (1.0.4)
      spring (>= 0.9.1)
    sprockets (3.7.0)
      concurrent-ruby (~> 1.0)
      rack (> 1, < 3)
    sprockets-rails (3.1.1)
      actionpack (>= 4.0)
      activesupport (>= 4.0)
      sprockets (>= 3.0.0)
    symmetric-encryption (3.8.3)
      coercible (~> 1.0)
    temple (0.7.7)
    thor (0.19.1)
    thread_safe (0.3.5)
    tilt (2.0.5)
    timecop (0.8.1)
    traco (3.2.1)
      activerecord (>= 3.0)
    turbolinks (5.0.1)
      turbolinks-source (~> 5)
    turbolinks-redirect (0.0.1)
      jquery-rails
      railties
      turbolinks
    turbolinks-source (5.0.0)
    tzinfo (1.2.2)
      thread_safe (~> 0.1)
    uglifier (3.0.2)
      execjs (>= 0.3.0, < 3)
    unicode (0.4.4.2)
    unicode-display_width (1.1.0)
    unicorn (5.1.0)
      kgio (~> 2.6)
      raindrops (~> 0.7)
    virtus (1.0.5)
      axiom-types (~> 0.1)
      coercible (~> 1.0)
      descendants_tracker (~> 0.0, >= 0.0.3)
      equalizer (~> 0.0, >= 0.0.9)
    web-console (2.3.0)
      activemodel (>= 4.0)
      binding_of_caller (>= 0.7.2)
      railties (>= 4.0)
      sprockets-rails (>= 2.0, < 4.0)
    webmock (2.1.0)
      addressable (>= 2.3.6)
      crack (>= 0.3.2)
      hashdiff
    websocket-driver (0.6.4)
      websocket-extensions (>= 0.1.0)
    websocket-extensions (0.1.2)
    with_advisory_lock (3.0.0)
      activerecord (>= 3.2)
      thread_safe
    yard (0.9.5)

PLATFORMS
  ruby

DEPENDENCIES
  admin!
  better_errors
  binding_of_caller
  bootstrap-sass
  bootstrap3-datetimepicker-rails (~> 4.17.37)
  coffee-rails
  daemons
  dotenv-rails
  draper!
  factory_girl_rails
  font-awesome-sass (~> 4.6.2)
  image_size
  jbuilder (~> 2.0)
  jquery-rails
  kaminari
  letter_opener
  momentjs-rails (>= 2.9.0)
  pg (~> 0.15)
  puma
  rails (~> 5.0.0.rc1)
  rspec-rails (~> 3.0)
  rubocop!
  rubocop-rspec
  russian
  sass-rails
  scrypt
  sdoc (~> 0.4.0)
  sidekiq
  sidekiq-scheduler (~> 2.0)
  simple_form
  sinatra!
  slim-rails
  spring
  spring-commands-rspec
  symmetric-encryption
  timecop
  traco
  turbolinks
  turbolinks-redirect
  uglifier (>= 1.3.0)
  unicode
  unicorn
  virtus
  web-console (~> 2.0)
  webmock
  with_advisory_lock
  yard

BUNDLED WITH
   1.12.5
